GEM
  remote: http://rubygems.org/
  specs:
    activemodel (5.0.0.1)
      activesupport (= 5.0.0.1)
    activerecord (5.0.0.1)
      activemodel (= 5.0.0.1)
      activesupport (= 5.0.0.1)
      arel (~> 7.0)
    activesupport (5.0.0.1)
      concurrent-ruby (~> 1.0, >= 1.0.2)
      i18n (~> 0.7)
      minitest (~> 5.1)
      tzinfo (~> 1.1)
    anbt-sql-formatter (0.0.5)
    arel (7.1.1)
    concurrent-ruby (1.0.2)
    i18n (0.7.0)
    json (1.8.3)
    minitest (5.9.0)
    pg (0.19.0)
    pg_query (0.11.3)
      json (~> 1.8)
    rack (1.6.4)
    rack-protection (1.5.3)
      rack
    shotgun (0.9.2)
      rack (>= 1.0)
    sinatra (1.4.7)
      rack (~> 1.5)
      rack-protection (~> 1.4)
      tilt (>= 1.3, < 3)
    sinatra-static-assets (1.0.4)
      sinatra (>= 1.1.0)
    slim (3.0.7)
      temple (~> 0.7.6)
      tilt (>= 1.3.3, < 2.1)
    temple (0.7.7)
    thread_safe (0.3.5)
    tilt (2.0.5)
    tzinfo (1.2.2)
      thread_safe (~> 0.1)

PLATFORMS
  ruby

DEPENDENCIES
  activerecord (~> 5.0)
  anbt-sql-formatter (~> 0.0.5)
  json (~> 1.8)
  pg (~> 0.19.0)
  pg_query (~> 0.11.3)
  rack (~> 1.6)
  shotgun (~> 0.9.2)
  sinatra (~> 1.4)
  sinatra-static-assets (~> 1.0)
  slim (~> 3.0)

BUNDLED WITH
   1.11.2
